PATH
  remote: .
  specs:
    fluent-plugin-aws-elasticsearch-service (2.4.0)
      aws-sdk-core (~> 3)
      faraday_middleware-aws-sigv4 (~> 0.3.0)
      fluent-plugin-elasticsearch (>= 3.3.0, < 5)
      fluentd (>= 0.14.15, < 2)

GEM
  remote: https://rubygems.org/
  specs:
    aws-eventstream (1.1.0)
    aws-partitions (1.427.0)
    aws-sdk-core (3.112.0)
      aws-eventstream (~> 1, >= 1.0.2)
      aws-partitions (~> 1, >= 1.239.0)
      aws-sigv4 (~> 1.1)
      jmespath (~> 1.0)
    aws-sigv4 (1.2.2)
      aws-eventstream (~> 1, >= 1.0.2)
    concurrent-ruby (1.1.8)
    cool.io (1.7.0)
    diff-lcs (1.4.4)
    elasticsearch (7.11.1)
      elasticsearch-api (= 7.11.1)
      elasticsearch-transport (= 7.11.1)
    elasticsearch-api (7.11.1)
      multi_json
    elasticsearch-transport (7.11.1)
      faraday (~> 1)
      multi_json
    excon (0.79.0)
    faraday (1.3.0)
      faraday-net_http (~> 1.0)
      multipart-post (>= 1.2, < 3)
      ruby2_keywords
    faraday-net_http (1.0.1)
    faraday_middleware-aws-sigv4 (0.3.0)
      aws-sigv4 (~> 1.0)
      faraday (>= 0.15)
    fluent-plugin-elasticsearch (4.3.3)
      elasticsearch
      excon
      fluentd (>= 0.14.22)
    fluentd (1.12.0)
      bundler
      cool.io (>= 1.4.5, < 2.0.0)
      http_parser.rb (>= 0.5.1, < 0.7.0)
      msgpack (>= 1.3.1, < 2.0.0)
      serverengine (>= 2.2.2, < 3.0.0)
      sigdump (~> 0.2.2)
      strptime (>= 0.2.2, < 1.0.0)
      tzinfo (>= 1.0, < 3.0)
      tzinfo-data (~> 1.0)
      yajl-ruby (~> 1.0)
    http_parser.rb (0.6.0)
    jmespath (1.4.0)
    msgpack (1.4.2)
    multi_json (1.15.0)
    multipart-post (2.1.1)
    power_assert (2.0.0)
    rake (13.0.3)
    rspec (3.10.0)
      rspec-core (~> 3.10.0)
      rspec-expectations (~> 3.10.0)
      rspec-mocks (~> 3.10.0)
    rspec-core (3.10.1)
      rspec-support (~> 3.10.0)
    rspec-expectations (3.10.1)
      diff-lcs (>= 1.2.0, < 2.0)
      rspec-support (~> 3.10.0)
    rspec-mocks (3.10.2)
      diff-lcs (>= 1.2.0, < 2.0)
      rspec-support (~> 3.10.0)
    rspec-support (3.10.2)
    ruby2_keywords (0.0.4)
    serverengine (2.2.2)
      sigdump (~> 0.2.2)
    sigdump (0.2.4)
    strptime (0.2.5)
    test-unit (3.4.0)
      power_assert
    tzinfo (2.0.4)
      concurrent-ruby (~> 1.0)
    tzinfo-data (1.2021.1)
      tzinfo (>= 1.0.0)
    yajl-ruby (1.4.1)

PLATFORMS
  universal-darwin-20

DEPENDENCIES
  aws-sdk-core (~> 3)
  bundler (>= 1.10, < 3)
  faraday_middleware-aws-sigv4 (~> 0.3.0)
  fluent-plugin-aws-elasticsearch-service!
  fluent-plugin-elasticsearch (>= 2.4.0, < 5)
  rake (~> 13.0)
  rspec (~> 3.0)
  test-unit (~> 3.0)

BUNDLED WITH
   2.2.9
