PATH
  remote: .
  specs:
    fluent-plugin-aws-elasticsearch-service-revamp (1.0.0)
      aws-sdk (~> 2)
      faraday_middleware-aws-signers-v4 (>= 0.1.0, < 0.1.2)
      fluent-plugin-elasticsearch (~> 2.0.0.rc.1)
      fluentd (~> 0)

GEM
  remote: https://rubygems.org/
  specs:
    aws-eventstream (1.1.0)
    aws-sdk (2.11.632)
      aws-sdk-resources (= 2.11.632)
    aws-sdk-core (2.11.632)
      aws-sigv4 (~> 1.0)
      jmespath (~> 1.0)
    aws-sdk-resources (2.11.632)
      aws-sdk-core (= 2.11.632)
    aws-sigv4 (1.2.2)
      aws-eventstream (~> 1, >= 1.0.2)
    cool.io (1.7.0)
    diff-lcs (1.4.4)
    elasticsearch (7.5.0)
      elasticsearch-api (= 7.5.0)
      elasticsearch-transport (= 7.5.0)
    elasticsearch-api (7.5.0)
      multi_json
    elasticsearch-transport (7.5.0)
      faraday (>= 0.14, < 1)
      multi_json
    excon (0.79.0)
    faraday (0.17.4)
      multipart-post (>= 1.2, < 3)
    faraday_middleware-aws-signers-v4 (0.1.1)
      aws-sdk (~> 2.1)
      faraday (~> 0.9)
    fluent-plugin-elasticsearch (2.0.1)
      elasticsearch
      excon
      fluentd (>= 0.14.8)
    fluentd (0.14.25)
      cool.io (>= 1.4.5, < 2.0.0)
      http_parser.rb (>= 0.5.1, < 0.7.0)
      msgpack (>= 0.7.0, < 2.0.0)
      ruby_dig (~> 0.0.2)
      serverengine (>= 2.0.4, < 3.0.0)
      sigdump (~> 0.2.2)
      strptime (~> 0.1.7)
      tzinfo (~> 1.0)
      tzinfo-data (~> 1.0)
      yajl-ruby (~> 1.0)
    http_parser.rb (0.6.0)
    jmespath (1.4.0)
    msgpack (1.4.2)
    multi_json (1.15.0)
    multipart-post (2.1.1)
    power_assert (2.0.0)
    rake (10.5.0)
    rspec (3.10.0)
      rspec-core (~> 3.10.0)
      rspec-expectations (~> 3.10.0)
      rspec-mocks (~> 3.10.0)
    rspec-core (3.10.1)
      rspec-support (~> 3.10.0)
    rspec-expectations (3.10.1)
      diff-lcs (>= 1.2.0, < 2.0)
      rspec-support (~> 3.10.0)
    rspec-mocks (3.10.2)
      diff-lcs (>= 1.2.0, < 2.0)
      rspec-support (~> 3.10.0)
    rspec-support (3.10.2)
    ruby_dig (0.0.2)
    serverengine (2.2.2)
      sigdump (~> 0.2.2)
    sigdump (0.2.4)
    strptime (0.1.9)
    test-unit (3.4.0)
      power_assert
    thread_safe (0.3.6)
    tzinfo (1.2.9)
      thread_safe (~> 0.1)
    tzinfo-data (1.2021.1)
      tzinfo (>= 1.0.0)
    yajl-ruby (1.4.1)

PLATFORMS
  ruby

DEPENDENCIES
  aws-sdk (~> 2)
  bundler (~> 1.10)
  faraday_middleware-aws-signers-v4 (>= 0.1.0, < 0.1.2)
  fluent-plugin-aws-elasticsearch-service-revamp!
  fluent-plugin-elasticsearch (~> 2.0.0.rc.1)
  rake (~> 10.0)
  rspec (~> 3.0)
  test-unit (~> 3.0)

BUNDLED WITH
   1.17.2
